GEM
  remote: https://rubygems.org/
  specs:
    ai4r (1.12)
    libv8 (3.16.14.3)
    mini_portile (0.5.1)
    nokogiri (1.6.0)
      mini_portile (~> 0.5.0)
    ref (1.0.5)
    rubyXL (1.2.10)
    therubyracer (0.12.0)
      libv8 (~> 3.16.14.0)
      ref
    zip (2.0.2)

PLATFORMS
  ruby

DEPENDENCIES
  ai4r
  nokogiri
  rubyXL
  therubyracer
  zip
